GEM
  remote: https://rubygems.org/
  specs:
    builder (3.2.2)
    colored (1.2)
    cri (2.7.0)
      colored (~> 1.2)
    nanoc (4.1.4)
      cri (~> 2.3)

PLATFORMS
  ruby

DEPENDENCIES
  builder
  nanoc

BUNDLED WITH
   1.11.2
