GEM
  remote: https://rubygems.org/
  specs:
    builder (3.2.2)
    colored (1.2)
    cri (2.7.0)
      colored (~> 1.2)
    kramdown (1.10.0)
    nanoc (4.1.4)
      cri (~> 2.3)
    sass (3.4.21)

PLATFORMS
  ruby

DEPENDENCIES
  builder
  kramdown
  nanoc
  sass

BUNDLED WITH
   1.11.2
